GEM
  remote: https://rubygems.org/
  specs:
    ffi (1.11.1)
    hashie (3.6.0)
    multipart-post (2.0.0)
    soda-ruby (1.0.0)
      hashie (~> 3.5)
      multipart-post (~> 2.0.0)
      sys-uname (~> 1.0.2)
    sys-uname (1.0.4)
      ffi (>= 1.0.0)

PLATFORMS
  ruby

DEPENDENCIES
  soda-ruby

BUNDLED WITH
   1.16.4
